GEM
  remote: https://rubygems.org/
  specs:
    aws-sdk (2.3.20)
      aws-sdk-resources (= 2.3.20)
    aws-sdk-core (2.3.20)
      jmespath (~> 1.0)
    aws-sdk-resources (2.3.20)
      aws-sdk-core (= 2.3.20)
    jmespath (1.2.4)
      json_pure (>= 1.8.1)
    json_pure (2.0.1)

PLATFORMS
  ruby

DEPENDENCIES
  aws-sdk

BUNDLED WITH
   1.12.5
